PATH
  remote: .
  specs:
    ruby-virtualenv (0.0.1)

GEM
  remote: http://rubygems.org/
  specs:

PLATFORMS
  ruby

DEPENDENCIES
  ruby-virtualenv!
